PATH
  remote: ../..
  specs:
    otr-activerecord (2.0.1)
      activerecord (>= 4.0, < 7.1)
      hashie-forbidden_attributes (~> 0.1)

GEM
  remote: https://rubygems.org/
  specs:
    activemodel (7.0.3.1)
      activesupport (= 7.0.3.1)
    activerecord (7.0.3.1)
      activemodel (= 7.0.3.1)
      activesupport (= 7.0.3.1)
    activesupport (7.0.3.1)
      concurrent-ruby (~> 1.0, >= 1.0.2)
      i18n (>= 1.6, < 2)
      minitest (>= 5.1)
      tzinfo (~> 2.0)
    concurrent-ruby (1.1.10)
    hashie (4.1.0)
    hashie-forbidden_attributes (0.1.1)
      hashie (>= 3.0)
    i18n (1.11.0)
      concurrent-ruby (~> 1.0)
    minitest (5.16.2)
    rake (12.3.2)
    sqlite3 (1.4.2)
    tzinfo (2.0.4)
      concurrent-ruby (~> 1.0)

PLATFORMS
  ruby
  universal-darwin-20

DEPENDENCIES
  activerecord (~> 7.0.3)
  otr-activerecord!
  rake
  sqlite3

BUNDLED WITH
   2.2.1
