GEM
  remote: https://rubygems.org/
  specs:
    activemodel (5.0.2)
      activesupport (= 5.0.2)
    activerecord (5.0.2)
      activemodel (= 5.0.2)
      activesupport (= 5.0.2)
      arel (~> 7.0)
    activesupport (5.0.2)
      concurrent-ruby (~> 1.0, >= 1.0.2)
      i18n (~> 0.7)
      minitest (~> 5.1)
      tzinfo (~> 1.1)
    arel (7.1.4)
    axiom-types (0.1.1)
      descendants_tracker (~> 0.0.4)
      ice_nine (~> 0.11.0)
      thread_safe (~> 0.3, >= 0.3.1)
    builder (3.2.3)
    coercible (1.0.0)
      descendants_tracker (~> 0.0.1)
    concurrent-ruby (1.0.5)
    database_cleaner (1.5.1)
    descendants_tracker (0.0.4)
      thread_safe (~> 0.3, >= 0.3.1)
    equalizer (0.0.11)
    grape (1.2.2)
      activesupport
      builder
      mustermann-grape (~> 1.0.0)
      rack (>= 1.3.0)
      rack-accept
      virtus (>= 1.0.0)
    grape-entity (0.5.1)
      activesupport
      multi_json (>= 1.3.2)
    hashie (3.5.5)
    hashie-forbidden_attributes (0.1.1)
      hashie (>= 3.0)
    i18n (0.8.1)
    ice_nine (0.11.2)
    minitest (5.10.1)
    multi_json (1.12.1)
    mustermann (1.0.3)
    mustermann-grape (1.0.0)
      mustermann (~> 1.0.0)
    otr-activerecord (1.2.1)
      activerecord (>= 4.0, < 5.1)
      hashie-forbidden_attributes (~> 0.1)
    rack (2.1.4)
    rack-accept (0.4.5)
      rack (>= 0.4)
    rack-test (0.6.3)
      rack (>= 1.0)
    rake (10.5.0)
    shotgun (0.9.1)
      rack (>= 1.0)
    sqlite3 (1.3.11)
    thread_safe (0.3.6)
    tzinfo (1.2.3)
      thread_safe (~> 0.1)
    virtus (1.0.5)
      axiom-types (~> 0.1)
      coercible (~> 1.0)
      descendants_tracker (~> 0.0, >= 0.0.3)
      equalizer (~> 0.0, >= 0.0.9)

PLATFORMS
  ruby

DEPENDENCIES
  activerecord (~> 5.0.2)
  database_cleaner
  grape (~> 1.2.2)
  grape-entity (~> 0.5.1)
  otr-activerecord (~> 1.2.1)
  rack (~> 2.1.4)
  rack-test
  rake
  shotgun
  sqlite3

BUNDLED WITH
   1.17.1
