PATH
  remote: ../..
  specs:
    otr-activerecord (2.1.0)
      activerecord (>= 4.0, < 7.1)
      hashie-forbidden_attributes (~> 0.1)

GEM
  remote: https://rubygems.org/
  specs:
    activemodel (7.0.4.1)
      activesupport (= 7.0.4.1)
    activerecord (7.0.4.1)
      activemodel (= 7.0.4.1)
      activesupport (= 7.0.4.1)
    activesupport (7.0.4.1)
      concurrent-ruby (~> 1.0, >= 1.0.2)
      i18n (>= 1.6, < 2)
      minitest (>= 5.1)
      tzinfo (~> 2.0)
    concurrent-ruby (1.1.10)
    hashie (5.0.0)
    hashie-forbidden_attributes (0.1.1)
      hashie (>= 3.0)
    i18n (1.12.0)
      concurrent-ruby (~> 1.0)
    minitest (5.17.0)
    rack (2.2.3)
    rake (13.0.6)
    shotgun (0.9.2)
      rack (>= 1.0)
    sqlite3 (1.4.2)
    tzinfo (2.0.5)
      concurrent-ruby (~> 1.0)

PLATFORMS
  ruby

DEPENDENCIES
  activerecord (~> 7.0.4)
  otr-activerecord!
  rack (~> 2.2)
  rake
  shotgun
  sqlite3

BUNDLED WITH
   2.1.4
